PATH
  remote: .
  specs:
    polint (0.0.3)
      term-ansicolor

GEM
  remote: https://rubygems.org/
  specs:
    coderay (1.1.0)
    method_source (0.8.2)
    pry (0.10.1)
      coderay (~> 1.1.0)
      method_source (~> 0.8.1)
      slop (~> 3.4)
    rake (10.4.2)
    slop (3.6.0)
    term-ansicolor (1.3.0)
      tins (~> 1.0)
    tins (1.3.5)

PLATFORMS
  ruby

DEPENDENCIES
  bundler (~> 1.7)
  polint!
  pry
  rake (~> 10.0)
